GIT
  remote: git://github.com/DatabaseCleaner/database_cleaner.git
  revision: bceb09bc8721595db6905966084d03015c8b3725
  specs:
    database_cleaner (1.4.0)

GEM
  remote: https://rubygems.org/
  remote: https://rails-assets.org/
  specs:
    activemodel (4.2.0)
      activesupport (= 4.2.0)
      builder (~> 3.1)
    activesupport (4.2.0)
      i18n (~> 0.7)
      json (~> 1.7, >= 1.7.7)
      minitest (~> 5.1)
      thread_safe (~> 0.3, >= 0.3.4)
      tzinfo (~> 1.1)
    addressable (2.3.7)
    andand (1.3.3)
    aws-sdk (2.0.27)
      aws-sdk-resources (= 2.0.27)
    aws-sdk-core (2.0.27)
      builder (~> 3.0)
      jmespath (~> 1.0)
      multi_json (~> 1.0)
      multi_xml (~> 0.5)
    aws-sdk-resources (2.0.27)
      aws-sdk-core (= 2.0.27)
    backports (3.6.4)
    better_errors (2.1.1)
      coderay (>= 1.0.0)
      erubis (>= 2.6.6)
      rack (>= 0.9.0)
    binding_of_caller (0.7.2)
      debug_inspector (>= 0.0.1)
    bson (2.3.0)
    builder (3.2.2)
    celluloid (0.16.0)
      timers (~> 4.0.0)
    coderay (1.1.0)
    coffee-script (2.3.0)
      coffee-script-source
      execjs
    coffee-script-source (1.9.1)
    connection_pool (2.1.1)
    debug_inspector (0.0.2)
    diff-lcs (1.2.5)
    docile (1.1.5)
    dotenv (1.0.2)
    ejs (1.1.1)
    em-websocket (0.5.1)
      eventmachine (>= 0.12.9)
      http_parser.rb (~> 0.6.0)
    erubis (2.7.0)
    eventmachine (1.0.7)
    excon (0.44.2)
    execjs (2.3.0)
    exifr (1.2.0)
    ffi (1.9.6)
    formatador (0.2.5)
    fspath (2.1.1)
    guard (2.12.3)
      formatador (>= 0.2.4)
      listen (~> 2.7)
      lumberjack (~> 1.0)
      nenv (~> 0.1)
      notiffany (~> 0.0)
      pry (>= 0.9.12)
      shellany (~> 0.0)
      thor (>= 0.18.1)
    guard-compat (1.2.1)
    guard-livereload (2.4.0)
      em-websocket (~> 0.5)
      guard (~> 2.8)
      multi_json (~> 1.8)
    guard-rspec (4.5.0)
      guard (~> 2.1)
      guard-compat (~> 1.1)
      rspec (>= 2.99.0, < 4.0)
    heroku (3.26.1)
      heroku-api (~> 0.3.19)
      launchy (>= 0.3.2)
      multi_json (~> 1.10.1)
      netrc (>= 0.10.0)
      rest-client (= 1.6.7)
      rubyzip (= 0.9.9)
    heroku-api (0.3.22)
      excon (~> 0.38)
      multi_json (~> 1.8)
    hike (1.2.3)
    hitimes (1.2.2)
    http_parser.rb (0.6.0)
    i18n (0.7.0)
    image_optim (0.20.2)
      exifr (~> 1.1, >= 1.1.3)
      fspath (~> 2.1)
      image_size (~> 1.3)
      in_threads (~> 1.3)
      progress (~> 3.0, >= 3.0.1)
    image_optim_pack (0.2.1.20150203)
      fspath (~> 2.1)
      image_optim (~> 0.19)
    image_size (1.4.1)
    in_threads (1.3.1)
    jmespath (1.0.2)
      multi_json (~> 1.0)
    json (1.8.2)
    launchy (2.4.3)
      addressable (~> 2.3)
    listen (2.8.5)
      celluloid (>= 0.15.2)
      rb-fsevent (>= 0.9.3)
      rb-inotify (>= 0.9)
    lumberjack (1.0.9)
    method_source (0.8.2)
    mime-types (2.4.3)
    mini_magick (4.1.0)
    minitest (5.5.1)
    mongoid (4.0.2)
      activemodel (~> 4.0)
      moped (~> 2.0.0)
      origin (~> 2.1)
      tzinfo (>= 0.3.37)
    moped (2.0.4)
      bson (~> 2.2)
      connection_pool (~> 2.0)
      optionable (~> 0.2.0)
    multi_json (1.10.1)
    multi_xml (0.5.5)
    nenv (0.2.0)
    netrc (0.10.2)
    notiffany (0.0.6)
      nenv (~> 0.1)
      shellany (~> 0.0)
    optionable (0.2.0)
    origin (2.1.1)
    progress (3.1.0)
    pry (0.10.1)
      coderay (~> 1.1.0)
      method_source (~> 0.8.1)
      slop (~> 3.4)
    puma (2.11.1)
      rack (>= 1.1, < 2.0)
    rack (1.6.0)
    rack-cache (1.2)
      rack (>= 0.4)
    rack-contrib (1.2.0)
      rack (>= 0.9.1)
    rack-livereload (0.3.15)
      rack
    rack-protection (1.5.3)
      rack
    rack-test (0.6.3)
      rack (>= 1.0)
    rake (10.4.2)
    rb-fsevent (0.9.4)
    rb-inotify (0.9.5)
      ffi (>= 0.5.0)
    refile (0.5.3)
      mime-types
      sinatra (~> 1.4.5)
    rest-client (1.6.7)
      mime-types (>= 1.16)
    rspec (3.2.0)
      rspec-core (~> 3.2.0)
      rspec-expectations (~> 3.2.0)
      rspec-mocks (~> 3.2.0)
    rspec-core (3.2.0)
      rspec-support (~> 3.2.0)
    rspec-expectations (3.2.0)
      diff-lcs (>= 1.2.0, < 2.0)
      rspec-support (~> 3.2.0)
    rspec-mocks (3.2.0)
      diff-lcs (>= 1.2.0, < 2.0)
      rspec-support (~> 3.2.0)
    rspec-support (3.2.1)
    rspec_junit_formatter (0.2.0)
      builder (< 4)
      rspec (>= 2, < 4)
      rspec-core (!= 2.12.0)
    rubyzip (0.9.9)
    sass (3.4.12)
    shellany (0.0.1)
    shoulda-matchers (2.8.0)
      activesupport (>= 3.0.0)
    simplecov (0.9.2)
      docile (~> 1.1.0)
      multi_json (~> 1.0)
      simplecov-html (~> 0.9.0)
    simplecov-html (0.9.0)
    sinatra (1.4.5)
      rack (~> 1.4)
      rack-protection (~> 1.4)
      tilt (~> 1.3, >= 1.3.4)
    sinatra-asset-pipeline (0.6.0)
      coffee-script (~> 2.3)
      rake (~> 10.0)
      sass (~> 3.1)
      sinatra (~> 1.4)
      sprockets (~> 2.12)
      sprockets-helpers (~> 1.1)
      sprockets-sass (~> 1.2)
    sinatra-contrib (1.4.2)
      backports (>= 2.0)
      multi_json
      rack-protection
      rack-test
      sinatra (~> 1.4.0)
      tilt (~> 1.3)
    slop (3.6.0)
    sprockets (2.12.3)
      hike (~> 1.2)
      multi_json (~> 1.0)
      rack (~> 1.0)
      tilt (~> 1.1, != 1.3.0)
    sprockets-helpers (1.1.0)
      sprockets (~> 2.0)
    sprockets-sass (1.3.1)
      sprockets (~> 2.0)
      tilt (~> 1.1)
    terminal-notifier (1.6.2)
    terminal-notifier-guard (1.6.4)
    thor (0.19.1)
    thread_safe (0.3.4)
    tilt (1.4.1)
    timers (4.0.1)
      hitimes
    tzinfo (1.2.2)
      thread_safe (~> 0.1)
    uglifier (2.7.0)
      execjs (>= 0.3.0)
      json (>= 1.8.0)

PLATFORMS
  ruby

DEPENDENCIES
  activesupport
  andand
  aws-sdk (~> 2)
  better_errors
  binding_of_caller
  database_cleaner!
  dotenv
  ejs
  guard
  guard-livereload
  guard-rspec
  heroku
  image_optim
  image_optim_pack
  mini_magick
  mongoid
  pry
  puma
  rack-cache
  rack-contrib
  rack-livereload
  refile
  rspec
  rspec_junit_formatter
  sass
  shoulda-matchers
  simplecov
  sinatra
  sinatra-asset-pipeline
  sinatra-contrib
  terminal-notifier
  terminal-notifier-guard
  uglifier
